GEM
  remote: https://rubygems.org/
  specs:
    adsf (1.1.1)
      rack (>= 1.0.0)
    colored (1.2)
    commonjs (0.2.6)
    cri (2.3.0)
      colored (>= 1.2)
    ffi (1.4.0)
    foreman (0.61.0)
      thor (>= 0.13.6)
    haml (4.0.0)
      tilt
    image_size (1.1.2)
    less (2.3.1)
      commonjs (~> 0.2.6)
    libv8 (3.16.14.3)
    listen (0.7.3)
    mime-types (1.21)
    nanoc (3.6.1)
      cri (~> 2.3)
    nokogiri (1.5.6)
    rack (1.5.2)
    rb-fsevent (0.9.3)
    rb-inotify (0.9.0)
      ffi (>= 0.5.0)
    rdiscount (2.0.7)
    ref (1.0.2)
    therubyracer (0.12.0)
      libv8 (~> 3.11.8.12)
      ref
    thor (0.17.0)
    tilt (1.3.4)
    yuicompressor (1.2.0)

PLATFORMS
  ruby

DEPENDENCIES
  adsf
  foreman
  haml
  image_size
  less
  listen
  mime-types
  nanoc
  nokogiri
  rb-fsevent
  rb-inotify
  rdiscount
  therubyracer
  yuicompressor
