GEM
  remote: https://rubygems.org/
  specs:
    adsf (1.1.1)
      rack (>= 1.0.0)
    celluloid (0.15.2)
      timers (~> 1.1.0)
    colored (1.2)
    commonjs (0.2.7)
    cri (2.4.0)
      colored (>= 1.2)
    dotenv (0.9.0)
    ffi (1.9.3)
    foreman (0.63.0)
      dotenv (>= 0.7)
      thor (>= 0.13.6)
    haml (4.0.4)
      tilt
    image_size (1.1.4)
    less (2.4.0)
      commonjs (~> 0.2.7)
    libv8 (3.16.14.3)
    listen (2.2.0)
      celluloid (>= 0.15.2)
      rb-fsevent (>= 0.9.3)
      rb-inotify (>= 0.9)
    mime-types (2.0)
    mini_portile2 (2.4.0)
    nanoc (3.6.6)
      cri (~> 2.3)
    nokogiri (1.10.10)
      mini_portile2 (~> 2.4.0)
    rack (1.5.2)
    rb-fsevent (0.9.3)
    rb-inotify (0.9.2)
      ffi (>= 0.5.0)
    rdiscount (2.1.7)
    ref (1.0.5)
    therubyracer (0.12.0)
      libv8 (~> 3.16.14.0)
      ref
    thor (0.18.1)
    tilt (1.4.1)
    timers (1.1.0)
    yuicompressor (1.2.1)

PLATFORMS
  ruby

DEPENDENCIES
  adsf
  foreman
  haml
  image_size
  less
  listen
  mime-types
  nanoc
  nokogiri
  rb-fsevent
  rb-inotify
  rdiscount
  therubyracer
  yuicompressor
